PATH
  remote: .
  specs:
    gekko (0.0.0)
      em-hiredis
      em-logger
      eventmachine
      hiredis
      oj
      redis
      uuid

GEM
  remote: http://rubygems.org/
  specs:
    diff-lcs (1.2.1)
    em-hiredis (0.2.1)
      hiredis (~> 0.4.0)
    em-logger (0.0.1)
      eventmachine (>= 0.12.10)
    eventmachine (1.0.3)
    hiredis (0.4.5)
    macaddr (1.6.1)
      systemu (~> 2.5.0)
    oj (2.0.11)
    redis (3.0.3)
    rspec (2.13.0)
      rspec-core (~> 2.13.0)
      rspec-expectations (~> 2.13.0)
      rspec-mocks (~> 2.13.0)
    rspec-core (2.13.1)
    rspec-expectations (2.13.0)
      diff-lcs (>= 1.1.3, < 2.0)
    rspec-mocks (2.13.0)
    systemu (2.5.2)
    uuid (2.3.7)
      macaddr (~> 1.0)

PLATFORMS
  ruby

DEPENDENCIES
  gekko!
  rspec
