PATH
  remote: .
  specs:
    gekko (0.0.1)
      uuid

GEM
  remote: http://rubygems.org/
  specs:
    diff-lcs (1.2.4)
    macaddr (1.7.1)
      systemu (~> 2.6.2)
    rspec (2.13.0)
      rspec-core (~> 2.13.0)
      rspec-expectations (~> 2.13.0)
      rspec-mocks (~> 2.13.0)
    rspec-core (2.13.1)
    rspec-expectations (2.13.0)
      diff-lcs (>= 1.1.3, < 2.0)
    rspec-mocks (2.13.1)
    systemu (2.6.4)
    uuid (2.3.7)
      macaddr (~> 1.0)

PLATFORMS
  ruby

DEPENDENCIES
  gekko!
  rspec
