PATH
  remote: .
  specs:
    gekko (0.0.1)
      em-hiredis
      em-logger
      eventmachine
      hiredis
      oj
      redis
      uuid

GEM
  remote: http://rubygems.org/
  specs:
    diff-lcs (1.2.5)
    em-hiredis (0.3.0)
      eventmachine (~> 1.0)
      hiredis (~> 0.5.0)
    em-logger (0.1.0)
      eventmachine (>= 0.12.10)
    eventmachine (1.0.4)
    hiredis (0.5.2)
    macaddr (1.7.1)
      systemu (~> 2.6.2)
    oj (2.11.4)
    redis (3.2.0)
    rspec (3.1.0)
      rspec-core (~> 3.1.0)
      rspec-expectations (~> 3.1.0)
      rspec-mocks (~> 3.1.0)
    rspec-core (3.1.7)
      rspec-support (~> 3.1.0)
    rspec-expectations (3.1.2)
      diff-lcs (>= 1.2.0, < 2.0)
      rspec-support (~> 3.1.0)
    rspec-mocks (3.1.3)
      rspec-support (~> 3.1.0)
    rspec-support (3.1.2)
    systemu (2.6.4)
    uuid (2.3.7)
      macaddr (~> 1.0)

PLATFORMS
  ruby

DEPENDENCIES
  gekko!
  rspec
